PATH
  remote: .
  specs:
    ae_sketchup_bridge (3.0.9)

GEM
  remote: https://rubygems.org/
  specs:
    minitest (5.14.2)
    rake (12.3.3)
    rubyzip (1.3.0)
    sketchup-api-stubs (0.4.0)

PLATFORMS
  ruby

DEPENDENCIES
  ae_sketchup_bridge!
  bundler (~> 1.13)
  minitest (~> 5.0)
  rake (~> 12.3)
  rubyzip (>= 1.0.0)
  sketchup-api-stubs (~> 0)

BUNDLED WITH
   1.17.3
